PATH
  remote: .
  specs:
    et_fake_ccd (3.1.6)
      activemodel (~> 7.0)
      json-schema (~> 4.1.1)
      puma (~> 6.4)
      roda (~> 3.21)
      roda-enhanced_logger (~> 0.5.0)
      rotp (~> 6.2)
      thor (~> 1.0)
      tilt (~> 2.0, >= 2.0.9)

GEM
  remote: https://rubygems.org/
  specs:
    activemodel (7.1.3.4)
      activesupport (= 7.1.3.4)
    activesupport (7.1.3.4)
      base64
      bigdecimal
      concurrent-ruby (~> 1.0, >= 1.0.2)
      connection_pool (>= 2.2.5)
      drb
      i18n (>= 1.6, < 2)
      minitest (>= 5.1)
      mutex_m
      tzinfo (~> 2.0)
    addressable (2.8.7)
      public_suffix (>= 2.0.2, < 7.0)
    base64 (0.2.0)
    bigdecimal (3.1.8)
    concurrent-ruby (1.3.3)
    connection_pool (2.4.1)
    diff-lcs (1.5.0)
    drb (2.2.1)
    i18n (1.14.5)
      concurrent-ruby (~> 1.0)
    json-schema (4.1.1)
      addressable (>= 2.8)
    minitest (5.24.0)
    mutex_m (0.2.0)
    nio4r (2.7.3)
    pastel (0.8.0)
      tty-color (~> 0.5)
    public_suffix (6.0.0)
    puma (6.4.2)
      nio4r (~> 2.0)
    rack (3.1.4)
    rake (13.0.6)
    roda (3.81.0)
      rack
    roda-enhanced_logger (0.5.0)
      roda (>= 3.19.0)
      tty-logger (>= 0.3, < 1.0)
    rotp (6.3.0)
    rspec (3.12.0)
      rspec-core (~> 3.12.0)
      rspec-expectations (~> 3.12.0)
      rspec-mocks (~> 3.12.0)
    rspec-core (3.12.2)
      rspec-support (~> 3.12.0)
    rspec-expectations (3.12.3)
      diff-lcs (>= 1.2.0, < 2.0)
      rspec-support (~> 3.12.0)
    rspec-mocks (3.12.6)
      diff-lcs (>= 1.2.0, < 2.0)
      rspec-support (~> 3.12.0)
    rspec-support (3.12.1)
    thor (1.3.1)
    tilt (2.3.0)
    tty-color (0.6.0)
    tty-logger (0.6.0)
      pastel (~> 0.8)
    tzinfo (2.0.6)
      concurrent-ruby (~> 1.0)

PLATFORMS
  ruby

DEPENDENCIES
  bundler (~> 2.0)
  et_fake_ccd!
  rake (~> 13.0)
  rspec (~> 3.12)

BUNDLED WITH
   2.1.4
